GEM
  remote: http://rubygems.org/
  specs:
    backports (2.3.0)
    builder (3.0.0)
    childprocess (0.2.3)
      ffi (~> 1.0.6)
    cucumber (1.1.4)
      builder (>= 2.1.2)
      diff-lcs (>= 1.1.2)
      gherkin (~> 2.7.1)
      json (>= 1.4.6)
      term-ansicolor (>= 1.0.6)
    diff-lcs (1.1.3)
    eventmachine (0.12.10)
    ffi (1.0.11)
    gemcutter (0.7.1)
    gherkin (2.7.1)
      json (>= 1.4.6)
    git (1.2.5)
    jeweler (1.5.2)
      bundler (~> 1.0.0)
      git (>= 1.2.5)
      rake
    json (1.6.3)
    mechanize (1.0.0)
      nokogiri (>= 1.2.1)
    nokogiri (1.4.7)
    rack (1.3.5)
    rack-protection (1.1.4)
      rack
    rack-test (0.6.1)
      rack (>= 1.0)
    rake (0.9.2.2)
    rspec (2.6.0)
      rspec-core (~> 2.6.0)
      rspec-expectations (~> 2.6.0)
      rspec-mocks (~> 2.6.0)
    rspec-core (2.6.4)
    rspec-expectations (2.6.0)
      diff-lcs (~> 1.1.2)
    rspec-mocks (2.6.0)
    sinatra (1.3.1)
      rack (~> 1.3, >= 1.3.4)
      rack-protection (~> 1.1, >= 1.1.2)
      tilt (~> 1.3, >= 1.3.3)
    sinatra-contrib (1.3.1)
      backports (>= 2.0)
      eventmachine
      rack-protection
      rack-test
      sinatra (~> 1.3.0)
      tilt (~> 1.3)
    term-ansicolor (1.0.7)
    tilt (1.3.3)
    waitforit (0.0.1)

PLATFORMS
  ruby

DEPENDENCIES
  childprocess (~> 0.1)
  cucumber
  gemcutter
  jeweler (~> 1.5.2)
  mechanize (= 1.0.0)
  nokogiri (= 1.4.7)
  rake
  rspec (= 2.6.0)
  sinatra
  sinatra-contrib
  waitforit
