GEM
  remote: http://rubygems.org/
  specs:
    bouncy-castle-java (1.5.0145.2)
    builder (3.0.0)
    cucumber (0.10.0)
      builder (>= 2.1.2)
      diff-lcs (~> 1.1.2)
      gherkin (~> 2.3.2)
      json (~> 1.4.6)
      term-ansicolor (~> 1.0.5)
    diff-lcs (1.1.2)
    gherkin (2.3.3)
      json (~> 1.4.6)
    gherkin (2.3.3-java)
      json (~> 1.4.6)
    innate (2011.01)
      rack (>= 1.1.0)
    jruby-openssl (0.7.3)
      bouncy-castle-java
    json (1.4.6)
    json (1.4.6-java)
    mechanize (1.0.0)
      nokogiri (>= 1.2.1)
    nokogiri (1.4.4)
    nokogiri (1.4.4-java)
      weakling (>= 0.0.3)
    rack (1.2.0)
    rake (0.8.7)
    ramaze (2011.01.30)
      innate (>= 2010.03)
    rspec (2.5.0)
      rspec-core (~> 2.5.0)
      rspec-expectations (~> 2.5.0)
      rspec-mocks (~> 2.5.0)
    rspec-core (2.5.1)
    rspec-expectations (2.5.0)
      diff-lcs (~> 1.1.2)
    rspec-mocks (2.5.0)
    term-ansicolor (1.0.5)
    weakling (0.0.4-java)

PLATFORMS
  java
  ruby

DEPENDENCIES
  cucumber
  jruby-openssl
  mechanize
  rack (<= 1.2.0)
  rake
  ramaze
  rspec
