GEM
  remote: http://rubygems.org/
  specs:
    builder (3.0.0)
    cucumber (0.10.0)
      builder (>= 2.1.2)
      diff-lcs (~> 1.1.2)
      gherkin (~> 2.3.2)
      json (~> 1.4.6)
      term-ansicolor (~> 1.0.5)
    diff-lcs (1.1.2)
    gherkin (2.3.3)
      json (~> 1.4.6)
    innate (2011.01)
      rack (>= 1.1.0)
    json (1.4.6)
    mechanize (1.0.0)
      nokogiri (>= 1.2.1)
    nokogiri (1.4.4)
    rack (1.2.0)
    rake (0.8.7)
    ramaze (2011.01.30)
      innate (>= 2010.03)
    rspec (2.5.0)
      rspec-core (~> 2.5.0)
      rspec-expectations (~> 2.5.0)
      rspec-mocks (~> 2.5.0)
    rspec-core (2.5.1)
    rspec-expectations (2.5.0)
      diff-lcs (~> 1.1.2)
    rspec-mocks (2.5.0)
    sys-proctable (0.8.1)
      test-unit (>= 2.0.2)
    term-ansicolor (1.0.5)
    test-unit (2.2.0)

PLATFORMS
  ruby

DEPENDENCIES
  cucumber
  jruby-openssl
  mechanize
  rack (<= 1.2.0)
  rake
  ramaze
  rspec
  sys-proctable (= 0.8.1)
