GEM
  remote: http://rubygems.org/
  specs:
    archive-tar-minitar (0.5.2)
    columnize (0.3.2)
    daemons (1.1.0)
    diff-lcs (1.1.2)
    eventmachine (0.12.10)
    innate (2011.01)
      rack (>= 1.1.0)
    linecache19 (0.5.11)
      ruby_core_source (>= 0.1.4)
    rack (1.2.1)
    rake (0.8.7)
    ramaze (2011.01.30)
      innate (>= 2010.03)
    rspec (2.5.0)
      rspec-core (~> 2.5.0)
      rspec-expectations (~> 2.5.0)
      rspec-mocks (~> 2.5.0)
    rspec-core (2.5.1)
    rspec-expectations (2.5.0)
      diff-lcs (~> 1.1.2)
    rspec-mocks (2.5.0)
    ruby-debug-base19 (0.11.24)
      columnize (>= 0.3.1)
      linecache19 (>= 0.5.11)
      ruby_core_source (>= 0.1.4)
    ruby-debug19 (0.11.6)
      columnize (>= 0.3.1)
      linecache19 (>= 0.5.11)
      ruby-debug-base19 (>= 0.11.19)
    ruby_core_source (0.1.4)
      archive-tar-minitar (>= 0.5.2)
    thin (1.2.7)
      daemons (>= 1.0.9)
      eventmachine (>= 0.12.6)
      rack (>= 1.0.0)

PLATFORMS
  ruby

DEPENDENCIES
  rake
  ramaze
  rspec
  ruby-debug19
  thin
