GEM
  remote: http://rubygems.org/
  specs:
    daemons (1.1.0)
    diff-lcs (1.1.2)
    eventmachine (0.12.10)
    innate (2011.01)
      rack (>= 1.1.0)
    rack (1.2.1)
    rack-test (0.5.7)
      rack (>= 1.0)
    rake (0.8.7)
    ramaze (2011.01.30)
      innate (>= 2010.03)
    rspec (2.5.0)
      rspec-core (~> 2.5.0)
      rspec-expectations (~> 2.5.0)
      rspec-mocks (~> 2.5.0)
    rspec-core (2.5.1)
    rspec-expectations (2.5.0)
      diff-lcs (~> 1.1.2)
    rspec-mocks (2.5.0)
    thin (1.2.7)
      daemons (>= 1.0.9)
      eventmachine (>= 0.12.6)
      rack (>= 1.0.0)

PLATFORMS
  ruby

DEPENDENCIES
  rack-test
  rake
  ramaze
  rspec
  thin
